GEM
  remote: https://rubygems.org/
  specs:
    aws-eventstream (1.2.0)
    aws-partitions (1.855.0)
    aws-sdk-core (3.188.0)
      aws-eventstream (~> 1, >= 1.0.2)
      aws-partitions (~> 1, >= 1.651.0)
      aws-sigv4 (~> 1.5)
      jmespath (~> 1, >= 1.6.1)
    aws-sdk-sqs (1.67.0)
      aws-sdk-core (~> 3, >= 3.184.0)
      aws-sigv4 (~> 1.1)
    aws-sigv4 (1.6.1)
      aws-eventstream (~> 1, >= 1.0.2)
    jmespath (1.6.2)

PLATFORMS
  arm64-darwin-22

DEPENDENCIES
  aws-sdk-core (= 3.188.0)
  aws-sdk-sqs (= 1.67.0)

BUNDLED WITH
   2.4.10
